PATH
  remote: .
  specs:
    csscss (1.3.3)
      colorize
      parslet (>= 1.6.1, < 2.0)

GEM
  remote: https://rubygems.org/
  specs:
    byebug (10.0.2)
    chunky_png (1.3.11)
    colorize (0.8.1)
    commonjs (0.2.7)
    compass (0.12.2)
      chunky_png (~> 1.2)
      fssm (>= 0.2.7)
      sass (~> 3.1)
    ffi (1.9.25)
    fssm (0.2.10)
    less (2.6.0)
      commonjs (~> 0.2.7)
    libv8 (3.16.14.19)
    m (1.5.1)
      method_source (>= 0.6.7)
      rake (>= 0.9.2.2)
    method_source (0.9.2)
    minitest (5.11.3)
    minitest-rg (5.2.0)
      minitest (~> 5.0)
    parslet (1.8.2)
    rake (12.3.1)
    rb-fsevent (0.10.3)
    rb-inotify (0.9.10)
      ffi (>= 0.5.0, < 2)
    ref (2.0.0)
    ruby-prof (0.17.0)
    sass (3.7.2)
      sass-listen (~> 4.0.0)
    sass-listen (4.0.0)
      rb-fsevent (~> 0.9, >= 0.9.4)
      rb-inotify (~> 0.9, >= 0.9.7)
    therubyracer (0.12.3)
      libv8 (~> 3.16.14.15)
      ref

PLATFORMS
  ruby

DEPENDENCIES
  byebug
  compass
  csscss!
  less
  m
  minitest
  minitest-rg
  rake
  ruby-prof
  sass
  therubyracer

BUNDLED WITH
   1.16.4
