PATH
  remote: .
  specs:
    csscss (0.0.1)
      parslet (~> 1.5)

GEM
  remote: https://rubygems.org/
  specs:
    blankslate (2.1.2.4)
    columnize (0.3.6)
    debugger (1.5.0)
      columnize (>= 0.3.1)
      debugger-linecache (~> 1.2.0)
      debugger-ruby_core_source (~> 1.2.0)
    debugger-linecache (1.2.0)
    debugger-ruby_core_source (1.2.0)
    m (1.3.1)
      method_source (>= 0.6.7)
      rake (>= 0.9.2.2)
    method_source (0.8.1)
    minitest (2.12.1)
    minitest-rg (1.1.0)
    parslet (1.5.0)
      blankslate (~> 2.0)
    rake (10.0.3)
    ruby-prof (0.13.0)

PLATFORMS
  ruby

DEPENDENCIES
  csscss!
  debugger
  m
  minitest
  minitest-rg
  rake
  ruby-prof
